GEM
  remote: http://rubygems.org/
  specs:
    activemerchant (1.10.0)
      activesupport (>= 2.3.2)
      braintree (>= 2.0.0)
      builder (>= 2.0.0)
    activesupport (3.0.3)
    braintree (2.6.3)
      builder
    builder (2.1.2)
    git (1.2.5)
    jeweler (1.5.2)
      bundler (~> 1.0.0)
      git (>= 1.2.5)
      rake
    rake (0.8.7)
    rcov (0.9.9)
    shoulda (2.11.3)

PLATFORMS
  ruby

DEPENDENCIES
  activemerchant (~> 1.10)
  bundler (~> 1.0.0)
  jeweler (~> 1.5.2)
  rcov
  shoulda
